GEM
  remote: http://rubygems.org/
  specs:
    coderay (1.0.6)
    faraday (0.8.1)
      multipart-post (~> 1.1)
    hashie (1.2.0)
    method_source (0.7.1)
    multi_json (1.3.6)
    multipart-post (1.1.5)
    pry (0.9.8.4)
      coderay (~> 1.0.5)
      method_source (~> 0.7.1)
      slop (>= 2.4.4, < 3)
    rack (1.4.1)
    rack-protection (1.2.0)
      rack
    simple_oauth (0.1.8)
    sinatra (1.3.2)
      rack (~> 1.3, >= 1.3.6)
      rack-protection (~> 1.2)
      tilt (~> 1.3, >= 1.3.3)
    slim (1.2.2)
      temple (~> 0.4.0)
      tilt (~> 1.3.3)
    slop (2.4.4)
    temple (0.4.0)
    tilt (1.3.3)
    twitter (3.1.1)
      faraday (~> 0.8)
      multi_json (~> 1.3)
      simple_oauth (~> 0.1.6)

PLATFORMS
  ruby

DEPENDENCIES
  hashie
  pry
  sinatra
  slim
  twitter
